PATH
  remote: ../..
  specs:
    rejls (0.0.1)

GEM
  remote: https://rubygems.org/
  specs:
    ansi (1.5.0)
    builder (3.2.3)
    minitest (5.10.1)
    minitest-reporters (1.1.13)
      ansi
      builder
      minitest (>= 5.0)
      ruby-progressbar
    rack (2.0.1)
    rake (10.5.0)
    ruby-progressbar (1.8.1)
    sqlite3 (1.3.13)

PLATFORMS
  ruby

DEPENDENCIES
  bundler (~> 1.13)
  minitest (~> 5.0)
  minitest-reporters
  rack (~> 2.x)
  rake (~> 10.0)
  rejls!
  sqlite3

BUNDLED WITH
   1.14.5
