PATH
  remote: ../..
  specs:
    rejls (0.0.1)
      coffee-script
      rack (~> 2.x)
      sass
      sprockets (~> 3.0)

GEM
  remote: https://rubygems.org/
  specs:
    ansi (1.5.0)
    builder (3.2.3)
    byebug (9.0.6)
    coffee-script (2.4.1)
      coffee-script-source
      execjs
    coffee-script-source (1.12.2)
    concurrent-ruby (1.0.5)
    execjs (2.7.0)
    minitest (5.10.1)
    minitest-reporters (1.1.13)
      ansi
      builder
      minitest (>= 5.0)
      ruby-progressbar
    puma (3.7.1)
    rack (2.0.1)
    rake (10.5.0)
    ruby-progressbar (1.8.1)
    sass (3.4.23)
    sprockets (3.7.1)
      concurrent-ruby (~> 1.0)
      rack (> 1, < 3)
    sqlite3 (1.3.13)

PLATFORMS
  ruby

DEPENDENCIES
  bundler (~> 1.13)
  byebug
  minitest (~> 5.0)
  minitest-reporters
  puma
  rake (~> 10.0)
  rejls!
  sqlite3

BUNDLED WITH
   1.14.5
